GEM
  remote: https://rubygems.org/
  specs:
    docile (1.4.0)
    json (2.7.1)
    simplecov (0.22.0)
      docile (~> 1.1)
      simplecov-html (~> 0.11)
      simplecov_json_formatter (~> 0.1)
    simplecov-html (0.12.3)
    simplecov-json (0.2.3)
      json
      simplecov
    simplecov-lcov (0.8.0)
    simplecov_json_formatter (0.1.4)

PLATFORMS
  arm64-darwin-22
  ruby

DEPENDENCIES
  simplecov
  simplecov-json
  simplecov-lcov

BUNDLED WITH
   2.5.2
